GEM
  remote: https://rubygems.org/
  specs:
    activesupport (4.1.4)
      i18n (~> 0.6, >= 0.6.9)
      json (~> 1.7, >= 1.7.7)
      minitest (~> 5.1)
      thread_safe (~> 0.1)
      tzinfo (~> 1.1)
    awesome_print (1.2.0)
    docile (1.1.5)
    global (0.1.1)
      activesupport (>= 2.0)
    i18n (0.6.11)
    json (1.8.1)
    minitest (5.4.0)
    multi_json (1.10.1)
    rake (10.3.2)
    require_all (1.3.2)
    ruby-progressbar (1.5.1)
    simplecov (0.9.0)
      docile (~> 1.1.0)
      multi_json
      simplecov-html (~> 0.8.0)
    simplecov-html (0.8.0)
    thread_safe (0.3.4)
    tzinfo (1.2.1)
      thread_safe (~> 0.1)

PLATFORMS
  ruby

DEPENDENCIES
  activesupport
  awesome_print
  global
  minitest
  rake
  require_all
  ruby-progressbar
  simplecov
